STORAGE: NONE
RESTRICTION: == net8.0
NUGET
  remote: https://api.nuget.org/v3/index.json
    ARCtrl (2.0.0-alpha.7.swate)
      ARCtrl.Contract (>= 2.0.0-alpha.7.swate)
      ARCtrl.CWL (>= 2.0.0-alpha.7.swate)
      ARCtrl.FileSystem (>= 2.0.0-alpha.7.swate)
      ARCtrl.Json (>= 2.0.0-alpha.7.swate)
      ARCtrl.Spreadsheet (>= 2.0.0-alpha.7.swate)
      Fable.Fetch (>= 2.6)
      Fable.SimpleHttp (>= 3.5)
      FSharp.Core (>= 7.0.401)
    ARCtrl.Contract (2.0.0-alpha.7.swate)
      ARCtrl.Core (>= 2.0.0-alpha.7.swate)
      ARCtrl.Json (>= 2.0.0-alpha.7.swate)
      ARCtrl.Spreadsheet (>= 2.0.0-alpha.7.swate)
      FSharp.Core (>= 7.0.401)
    ARCtrl.Core (2.0.0-alpha.7.swate)
      ARCtrl.CWL (>= 2.0.0-alpha.7.swate)
      ARCtrl.FileSystem (>= 2.0.0-alpha.7.swate)
      FSharp.Core (>= 7.0.401)
    ARCtrl.CWL (2.0.0-alpha.7.swate)
      FSharp.Core (>= 6.0.7)
    ARCtrl.FileSystem (2.0.0-alpha.7.swate)
      Fable.Core (>= 4.2)
      FSharp.Core (>= 6.0.7)
    ARCtrl.Json (2.0.0-alpha.7.swate)
      ARCtrl.Core (>= 2.0.0-alpha.7.swate)
      FSharp.Core (>= 7.0.401)
      NJsonSchema (>= 10.8)
      Thoth.Json.Core (>= 0.2.1)
      Thoth.Json.JavaScript (>= 0.1)
      Thoth.Json.Newtonsoft (>= 0.1)
    ARCtrl.Spreadsheet (2.0.0-alpha.7.swate)
      ARCtrl.Core (>= 2.0.0-alpha.7.swate)
      ARCtrl.FileSystem (>= 2.0.0-alpha.7.swate)
      FSharp.Core (>= 7.0.401)
      FsSpreadsheet (>= 6.1.2)
    ExcelJS.Fable (0.3)
      Fable.Core (>= 3.2.8)
      Fable.React (>= 7.4.1)
      FSharp.Core (>= 5.0)
    Expecto (9.0.4)
      FSharp.Core (>= 4.6)
      Mono.Cecil (>= 0.11.3)
    Fable.AST (4.5)
    Fable.Browser.Blob (1.4)
      Fable.Core (>= 3.2.8)
      FSharp.Core (>= 4.7.2)
    Fable.Browser.Dom (2.16)
      Fable.Browser.Blob (>= 1.3)
      Fable.Browser.Event (>= 1.5)
      Fable.Browser.WebStorage (>= 1.2)
      Fable.Core (>= 3.2.8)
      FSharp.Core (>= 4.7.2)
    Fable.Browser.Event (1.6)
      Fable.Browser.Gamepad (>= 1.3)
      Fable.Core (>= 3.2.8)
      FSharp.Core (>= 4.7.2)
    Fable.Browser.Gamepad (1.3)
      Fable.Core (>= 3.2.8)
      FSharp.Core (>= 4.7.2)
    Fable.Browser.MediaQueryList (1.5)
      Fable.Browser.Dom (>= 2.16)
      Fable.Browser.Event (>= 1.6)
      Fable.Core (>= 3.2.8)
      FSharp.Core (>= 4.7.2)
    Fable.Browser.WebStorage (1.3)
      Fable.Browser.Event (>= 1.6)
      Fable.Core (>= 3.2.8)
      FSharp.Core (>= 4.7.2)
    Fable.Browser.XMLHttpRequest (1.4)
      Fable.Browser.Blob (>= 1.4)
      Fable.Browser.Event (>= 1.6)
      Fable.Core (>= 3.2.8)
      FSharp.Core (>= 4.7.2)
    Fable.Core (4.3)
    Fable.Elmish (4.1)
      Fable.Core (>= 3.7.1)
      FSharp.Core (>= 4.7.2)
    Fable.Elmish.Browser (4.0.3)
      Fable.Browser.Dom (>= 2.14)
      Fable.Elmish (>= 4.1)
      Fable.Elmish.UrlParser (>= 1.0.2)
      FSharp.Core (>= 4.7.2)
    Fable.Elmish.Debugger (4.0)
      Fable.Elmish (>= 4.0)
      FSharp.Core (>= 6.0.7)
      Thoth.Json (>= 6.0)
    Fable.Elmish.HMR (7.0)
      Fable.Core (>= 3.7.1)
      Fable.Elmish.React (>= 4.0)
      FSharp.Core (>= 4.7.2)
    Fable.Elmish.React (4.0)
      Fable.Elmish (>= 4.0)
      Fable.ReactDom.Types (>= 18.0)
      FSharp.Core (>= 4.7.2)
    Fable.Elmish.UrlParser (1.0.2)
      FSharp.Core (>= 4.7.2)
    Fable.Exceljs (1.6)
      Fable.Core (>= 4.0)
      FSharp.Core (>= 6.0.7)
    Fable.Fetch (2.7)
      Fable.Browser.Blob (>= 1.2)
      Fable.Browser.Event (>= 1.5)
      Fable.Core (>= 3.7.1)
      Fable.Promise (>= 2.2.2)
      FSharp.Core (>= 4.7.2)
    Fable.Mocha (2.17)
      Fable.Core (>= 3.0)
      FSharp.Core (>= 4.7)
    Fable.Parsimmon (4.1)
      Fable.Core (>= 3.0)
      FSharp.Core (>= 4.6.2)
    Fable.Promise (3.2)
      Fable.Core (>= 3.7.1)
      FSharp.Core (>= 4.7.2)
    Fable.React (9.4)
      Fable.React.Types (>= 18.3)
      Fable.ReactDom.Types (>= 18.2)
      FSharp.Core (>= 4.7.2)
    Fable.React.Types (18.3)
      Fable.Browser.Dom (>= 2.4.4)
      Fable.Core (>= 3.2.7)
      FSharp.Core (>= 4.7.2)
    Fable.ReactDom.Types (18.2)
      Fable.React.Types (>= 18.3)
      FSharp.Core (>= 4.7.2)
    Fable.Remoting.Client (7.32)
      Fable.Browser.XMLHttpRequest (>= 1.0)
      Fable.Core (>= 3.1.5)
      Fable.Remoting.MsgPack (>= 1.24)
      Fable.SimpleJson (>= 3.24)
      FSharp.Core (>= 4.7.2)
    Fable.Remoting.Giraffe (5.19)
      Fable.Remoting.Server (>= 5.37)
      FSharp.Core (>= 6.0)
      Giraffe (>= 5.0)
      Microsoft.IO.RecyclableMemoryStream (>= 3.0 < 4.0)
    Fable.Remoting.Json (2.23)
      FSharp.Core (>= 6.0)
      Newtonsoft.Json (>= 12.0.2)
    Fable.Remoting.MsgPack (1.24)
      FSharp.Core (>= 4.7.2)
    Fable.Remoting.Server (5.37)
      Fable.Remoting.Json (>= 2.23)
      Fable.Remoting.MsgPack (>= 1.24)
      FSharp.Core (>= 6.0)
      Microsoft.IO.RecyclableMemoryStream (>= 3.0 < 4.0)
    Fable.SimpleHttp (3.6)
      Fable.Browser.Dom (>= 1.0)
      Fable.Browser.XMLHttpRequest (>= 1.1)
      Fable.Core (>= 3.0)
      FSharp.Core (>= 4.6.2)
    Fable.SimpleJson (3.24)
      Fable.Core (>= 3.1.5)
      Fable.Parsimmon (>= 4.0)
      FSharp.Core (>= 4.7)
    Fable.SimpleXml (3.4)
      Fable.Core (>= 3.0)
      Fable.Parsimmon (>= 4.1)
      FSharp.Core (>= 4.6.2)
    Feliz (2.7)
      Fable.ReactDom.Types (>= 18.2)
      Feliz.CompilerPlugins (>= 2.2)
      FSharp.Core (>= 4.7.2)
    Feliz.Bulma (3.0)
      Feliz (>= 2.4)
      FSharp.Core (>= 4.7.2)
    Feliz.Bulma.Checkradio (3.0)
      Feliz (>= 2.4)
      Feliz.Bulma (>= 3.0)
      FSharp.Core (>= 4.7.2)
    Feliz.Bulma.Switch (3.0)
      Feliz (>= 2.4)
      Feliz.Bulma (>= 3.0)
      FSharp.Core (>= 4.7.2)
    Feliz.CompilerPlugins (2.2)
      Fable.AST (>= 4.2.1)
      FSharp.Core (>= 4.7.2)
    Feliz.ElmishComponents (1.2)
      Feliz.UseElmish (>= 1.2.1)
      FSharp.Core (>= 4.7)
    Feliz.UseElmish (2.5)
      Fable.Elmish (>= 4.0)
      FSharp.Core (>= 4.7.2)
    FSharp.Control.Websockets (0.3)
      FSharp.Core (>= 6.0)
      Microsoft.IO.RecyclableMemoryStream (>= 3.0)
    FSharp.Core (8.0.300)
    FsSpreadsheet (6.1.3)
      FSharp.Core (>= 6.0.7)
      Thoth.Json.Core (>= 0.2.1)
    FsSpreadsheet.Js (6.1.3)
      Fable.Exceljs (>= 1.6)
      Fable.Promise (>= 3.2)
      FSharp.Core (>= 6.0.7)
      FsSpreadsheet (>= 6.1.3)
      Thoth.Json.JavaScript (>= 0.1)
    Giraffe (6.4)
      FSharp.Core (>= 6.0)
      Giraffe.ViewEngine (>= 1.4)
      Microsoft.IO.RecyclableMemoryStream (>= 3.0)
      Newtonsoft.Json (>= 13.0.3)
      System.Text.Json (>= 8.0.3)
    Giraffe.ViewEngine (1.4)
      FSharp.Core (>= 5.0)
    Microsoft.AspNetCore.Authentication.JwtBearer (6.0.31)
      Microsoft.IdentityModel.Protocols.OpenIdConnect (>= 6.35)
    Microsoft.Bcl.AsyncInterfaces (8.0)
    Microsoft.CSharp (4.7)
    Microsoft.Extensions.Configuration (8.0)
      Microsoft.Extensions.Configuration.Abstractions (>= 8.0)
      Microsoft.Extensions.Primitives (>= 8.0)
    Microsoft.Extensions.Configuration.Abstractions (8.0)
      Microsoft.Extensions.Primitives (>= 8.0)
    Microsoft.Extensions.Configuration.FileExtensions (8.0)
      Microsoft.Extensions.Configuration (>= 8.0)
      Microsoft.Extensions.Configuration.Abstractions (>= 8.0)
      Microsoft.Extensions.FileProviders.Abstractions (>= 8.0)
      Microsoft.Extensions.FileProviders.Physical (>= 8.0)
      Microsoft.Extensions.Primitives (>= 8.0)
    Microsoft.Extensions.Configuration.Json (8.0)
      Microsoft.Extensions.Configuration (>= 8.0)
      Microsoft.Extensions.Configuration.Abstractions (>= 8.0)
      Microsoft.Extensions.Configuration.FileExtensions (>= 8.0)
      Microsoft.Extensions.FileProviders.Abstractions (>= 8.0)
      System.Text.Json (>= 8.0)
    Microsoft.Extensions.Configuration.UserSecrets (8.0)
      Microsoft.Extensions.Configuration.Abstractions (>= 8.0)
      Microsoft.Extensions.Configuration.Json (>= 8.0)
      Microsoft.Extensions.FileProviders.Abstractions (>= 8.0)
      Microsoft.Extensions.FileProviders.Physical (>= 8.0)
    Microsoft.Extensions.FileProviders.Abstractions (8.0)
      Microsoft.Extensions.Primitives (>= 8.0)
    Microsoft.Extensions.FileProviders.Physical (8.0)
      Microsoft.Extensions.FileProviders.Abstractions (>= 8.0)
      Microsoft.Extensions.FileSystemGlobbing (>= 8.0)
      Microsoft.Extensions.Primitives (>= 8.0)
    Microsoft.Extensions.FileSystemGlobbing (8.0)
    Microsoft.Extensions.Primitives (8.0)
    Microsoft.IdentityModel.Abstractions (7.6)
    Microsoft.IdentityModel.JsonWebTokens (7.6)
      Microsoft.IdentityModel.Tokens (>= 7.6)
    Microsoft.IdentityModel.Logging (7.6)
      Microsoft.IdentityModel.Abstractions (>= 7.6)
    Microsoft.IdentityModel.Protocols (7.6)
      Microsoft.IdentityModel.Tokens (>= 7.6)
    Microsoft.IdentityModel.Protocols.OpenIdConnect (7.6)
      Microsoft.IdentityModel.Protocols (>= 7.6)
      System.IdentityModel.Tokens.Jwt (>= 7.6)
    Microsoft.IdentityModel.Tokens (7.6)
      Microsoft.IdentityModel.Logging (>= 7.6)
    Microsoft.IO.RecyclableMemoryStream (3.0.1)
    Mono.Cecil (0.11.5)
    Namotion.Reflection (3.1.1)
      Microsoft.CSharp (>= 4.3)
    Neo4j.Driver (5.21)
      Microsoft.Bcl.AsyncInterfaces (>= 5.0)
      System.IO.Pipelines (>= 7.0)
      System.ValueTuple (>= 4.5)
    Newtonsoft.Json (13.0.3)
    NJsonSchema (11.0)
      Namotion.Reflection (>= 3.1.1)
      Newtonsoft.Json (>= 13.0.3)
      NJsonSchema.Annotations (>= 11.0)
    NJsonSchema.Annotations (11.0)
    Saturn (0.17)
      FSharp.Control.Websockets (>= 0.2.2)
      Giraffe (>= 6.4)
      Microsoft.AspNetCore.Authentication.JwtBearer (>= 6.0.3)
    System.IdentityModel.Tokens.Jwt (7.6)
      Microsoft.IdentityModel.JsonWebTokens (>= 7.6)
      Microsoft.IdentityModel.Tokens (>= 7.6)
    System.IO.Pipelines (8.0)
    System.Text.Encodings.Web (8.0)
    System.Text.Json (8.0.3)
      System.Text.Encodings.Web (>= 8.0)
    System.ValueTuple (4.5)
    Thoth.Elmish.Debouncer (2.1)
      Fable.Core (>= 4.0)
      Fable.Elmish (>= 4.0.1)
      Fable.Promise (>= 3.2)
      Fable.React (>= 9.3)
      FSharp.Core (>= 7.0.200)
    Thoth.Json (10.2)
      Fable.Core (>= 3.6.2)
      FSharp.Core (>= 4.7.2)
    Thoth.Json.Core (0.2.1)
      Fable.Core (>= 4.1)
      FSharp.Core (>= 5.0)
    Thoth.Json.JavaScript (0.1)
      Fable.Core (>= 4.1)
      FSharp.Core (>= 5.0)
      Thoth.Json.Core (>= 0.1)
    Thoth.Json.Newtonsoft (0.1)
      Fable.Core (>= 4.1)
      FSharp.Core (>= 5.0)
      Newtonsoft.Json (>= 13.0.1)
      Thoth.Json.Core (>= 0.1)
